GEM
  remote: https://rubygems.org/
  specs:
    adsf (1.1.1)
      rack (>= 1.0.0)
    colored (1.2)
    cri (2.3.0)
      colored (>= 1.2)
    fssm (0.2.9)
    nanoc (3.4.0)
      cri (~> 2.2)
    nokogiri (1.5.4)
    rack (1.4.1)

PLATFORMS
  ruby

DEPENDENCIES
  adsf
  fssm
  nanoc
  nokogiri
